GIT
  remote: git://github.com/Sija/garb.git
  revision: 3dff408078bb2b5652ceeedd186c29dc3c438ac5
  specs:
    garb (0.9.7)
      activesupport (>= 2.2)
      multi_json (>= 1.3)

GEM
  remote: https://rubygems.org/
  specs:
    RubyInline (3.12.2)
      ZenTest (~> 4.3)
    ZenTest (4.11.0)
    actionmailer (4.0.0)
      actionpack (= 4.0.0)
      mail (~> 2.5.3)
    actionpack (4.0.0)
      activesupport (= 4.0.0)
      builder (~> 3.1.0)
      erubis (~> 2.7.0)
      rack (~> 1.5.2)
      rack-test (~> 0.6.2)
    activemodel (4.0.0)
      activesupport (= 4.0.0)
      builder (~> 3.1.0)
    activerecord (4.0.0)
      activemodel (= 4.0.0)
      activerecord-deprecated_finders (~> 1.0.2)
      activesupport (= 4.0.0)
      arel (~> 4.0.0)
    activerecord-deprecated_finders (1.0.3)
    activesupport (4.0.0)
      i18n (~> 0.6, >= 0.6.4)
      minitest (~> 4.2)
      multi_json (~> 1.3)
      thread_safe (~> 0.1)
      tzinfo (~> 0.3.37)
    addressable (2.3.5)
    albino (1.3.3)
      posix-spawn (>= 0.3.6)
    annotate (2.6.5)
      activerecord (>= 2.3.0)
      rake (>= 0.8.7)
    arel (4.0.0)
    atomic (1.1.13)
    better_errors (2.1.1)
      coderay (>= 1.0.0)
      erubis (>= 2.6.6)
      rack (>= 0.9.0)
    builder (3.1.4)
    charon (1.0.0)
    chronic (0.10.1)
    coderay (1.1.0)
    coffee-rails (4.0.0)
      coffee-script (>= 2.2.0)
      railties (>= 4.0.0.beta, < 5.0)
    coffee-script (2.2.0)
      coffee-script-source
      execjs
    coffee-script-source (1.6.3)
    css_parser (1.3.5)
      addressable
    dalli (2.7.4)
    erubis (2.7.0)
    execjs (2.0.1)
    faraday (0.8.8)
      multipart-post (~> 1.2.0)
    fastimage (1.5.0)
    fastimage_resize (2.0.3)
      RubyInline (>= 3.8.2)
      fastimage (>= 1.2.9)
    hashie (2.0.5)
    hike (1.2.3)
    htmlentities (4.3.1)
    httpauth (0.2.0)
    httpclient (2.3.4.1)
    i18n (0.6.5)
    impressionist (1.4.11)
      httpclient (~> 2.2)
      nokogiri (~> 1.6.0)
    innertube (1.1.0)
    jbuilder (1.5.1)
      activesupport (>= 3.0.0)
      multi_json (>= 1.2.0)
    jquery-rails (3.0.4)
      railties (>= 3.0, < 5.0)
      thor (>= 0.14, < 2.0)
    jwt (0.1.8)
      multi_json (>= 1.5)
    koala (1.7.0rc1)
      addressable
      faraday
      multi_json
    mail (2.5.4)
      mime-types (~> 1.16)
      treetop (~> 1.4.8)
    method_source (0.8.2)
    middleware (0.1.0)
    mime-types (1.25)
    mini_portile (0.5.1)
    minitest (4.7.5)
    multi_json (1.8.0)
    multipart-post (1.2.0)
    mysql2 (0.3.20)
    newrelic_rpm (3.6.6.147)
    nokogiri (1.6.0)
      mini_portile (~> 0.5.0)
    oauth2 (0.8.1)
      faraday (~> 0.8)
      httpauth (~> 0.1)
      jwt (~> 0.1.4)
      multi_json (~> 1.0)
      rack (~> 1.2)
    omniauth (1.1.4)
      hashie (>= 1.2, < 3)
      rack
    omniauth-facebook (1.4.1)
      omniauth-oauth2 (~> 1.1.0)
    omniauth-github (1.1.1)
      omniauth (~> 1.0)
      omniauth-oauth2 (~> 1.1)
    omniauth-oauth2 (1.1.1)
      oauth2 (~> 0.8.0)
      omniauth (~> 1.0)
    polyglot (0.3.3)
    posix-spawn (0.3.6)
    pry (0.10.3)
      coderay (~> 1.1.0)
      method_source (~> 0.8.1)
      slop (~> 3.4)
    pry-rails (0.3.4)
      pry (>= 0.9.10)
    query_diet (0.5.3)
    quiet_assets (1.1.0)
      railties (>= 3.1, < 5.0)
    rabl (0.9.0)
      activesupport (>= 2.3.14)
    rack (1.5.2)
    rack-test (0.6.2)
      rack (>= 1.0)
    rails (4.0.0)
      actionmailer (= 4.0.0)
      actionpack (= 4.0.0)
      activerecord (= 4.0.0)
      activesupport (= 4.0.0)
      bundler (>= 1.3.0, < 2.0)
      railties (= 4.0.0)
      sprockets-rails (~> 2.0.0)
    railties (4.0.0)
      actionpack (= 4.0.0)
      activesupport (= 4.0.0)
      rake (>= 0.8.7)
      thor (>= 0.18.1, < 2.0)
    rake (10.1.0)
    recaptcha (0.3.5)
    redcarpet (3.3.3)
    riddle (1.5.8)
    roadie (2.4.2)
      actionmailer (> 3.0.0, < 5.0.0)
      css_parser (~> 1.3.4)
      nokogiri (> 1.5.0)
      sprockets
    sass (3.2.10)
    sass-rails (4.0.0)
      railties (>= 4.0.0.beta, < 5.0)
      sass (>= 3.1.10)
      sprockets-rails (~> 2.0.0)
    simple_oauth (0.2.0)
    slop (3.6.0)
    sprockets (2.10.0)
      hike (~> 1.2)
      multi_json (~> 1.0)
      rack (~> 1.0)
      tilt (~> 1.1, != 1.3.0)
    sprockets-rails (2.0.0)
      actionpack (>= 3.0)
      activesupport (>= 3.0)
      sprockets (~> 2.8)
    thinking-sphinx (3.0.5)
      activerecord (>= 3.1.0)
      builder (>= 2.1.2)
      innertube (>= 1.0.2)
      middleware (>= 0.1.0)
      riddle (>= 1.5.8)
    thor (0.18.1)
    thread_safe (0.1.2)
      atomic
    tilt (1.4.1)
    treetop (1.4.15)
      polyglot
      polyglot (>= 0.3.1)
    twitter (4.8.1)
      faraday (~> 0.8, < 0.10)
      multi_json (~> 1.0)
      simple_oauth (~> 0.2)
    tzinfo (0.3.37)
    uglifier (2.2.1)
      execjs (>= 0.3.0)
      multi_json (~> 1.0, >= 1.0.2)
    whenever (0.8.4)
      activesupport (>= 2.3.4)
      chronic (>= 0.6.3)
    will_paginate (3.0.4)

PLATFORMS
  ruby

DEPENDENCIES
  albino
  annotate
  better_errors
  charon (~> 1.0.0)
  coffee-rails (~> 4.0.0)
  dalli
  fastimage_resize
  garb!
  htmlentities
  impressionist
  jbuilder (~> 1.2)
  jquery-rails
  koala (~> 1.7.0rc1)
  mysql2
  newrelic_rpm
  nokogiri
  omniauth
  omniauth-facebook
  omniauth-github (~> 1.1.1)
  pry-rails
  query_diet
  quiet_assets
  rabl
  rails (~> 4.0.0)
  recaptcha
  redcarpet
  roadie
  sass-rails (~> 4.0.0)
  thinking-sphinx (~> 3.0.2)
  twitter (~> 4.8.1)
  uglifier (>= 1.3.0)
  whenever
  will_paginate (~> 3.0)

BUNDLED WITH
   1.10.6
